GEM
  remote: https://rubygems.org/
  specs:
    activesupport (4.1.4)
      i18n (~> 0.6, >= 0.6.9)
      json (~> 1.7, >= 1.7.7)
      minitest (~> 5.1)
      thread_safe (~> 0.1)
      tzinfo (~> 1.1)
    classifier (1.3.4)
      fast-stemmer (>= 1.0.0)
    directory_watcher (1.5.1)
    fast-stemmer (1.0.2)
    flickraw (0.9.8)
    gemoji (2.1.0)
    html-pipeline (1.9.0)
      activesupport (>= 2)
      nokogiri (~> 1.4)
    i18n (0.6.11)
    jekyll (0.12.1)
      classifier (~> 1.3)
      directory_watcher (~> 1.1)
      kramdown (~> 0.14)
      liquid (~> 2.3)
      maruku (~> 0.5)
      pygments.rb (~> 0.3.2)
    jemoji (0.0.8)
      gemoji
      html-pipeline
      jekyll
    json (1.8.1)
    kramdown (0.14.2)
    liquid (2.6.1)
    maruku (0.7.2)
    mini_portile (0.6.0)
    minitest (5.4.0)
    nokogiri (1.6.3.1)
      mini_portile (= 0.6.0)
    posix-spawn (0.3.9)
    pygments.rb (0.3.7)
      posix-spawn (~> 0.3.6)
      yajl-ruby (~> 1.1.0)
    rack (1.5.2)
    rack-jekyll (0.4.0)
      jekyll (~> 0.12.0)
      rack (~> 1.5.0)
    thread_safe (0.3.4)
    tzinfo (1.2.2)
      thread_safe (~> 0.1)
    yajl-ruby (1.1.0)

PLATFORMS
  ruby

DEPENDENCIES
  bundler
  flickraw
  jekyll
  jemoji
  rack-jekyll
